GEM
  remote: http://rubygems.org/
  specs:
    activesupport (3.0.3)
    rake (0.8.7)

PLATFORMS
  ruby

DEPENDENCIES
  activesupport
  rake
