PATH
  remote: .
  specs:
    miniskirt (1.1.0)
      activesupport (~> 2.2)

GEM
  remote: http://rubygems.org/
  specs:
    activesupport (2.3.14)
    rake (0.9.2)

PLATFORMS
  ruby

DEPENDENCIES
  miniskirt!
  rake (~> 0.9.2)
